GEM
  remote: https://rubygems.org/
  specs:
    activemodel (8.0.3)
      activesupport (= 8.0.3)
    activerecord (8.0.3)
      activemodel (= 8.0.3)
      activesupport (= 8.0.3)
      timeout (>= 0.4.0)
    activesupport (8.0.3)
      base64
      benchmark (>= 0.3)
      bigdecimal
      concurrent-ruby (~> 1.0, >= 1.3.1)
      connection_pool (>= 2.2.5)
      drb
      i18n (>= 1.6, < 2)
      logger (>= 1.4.2)
      minitest (>= 5.1)
      securerandom (>= 0.3)
      tzinfo (~> 2.0, >= 2.0.5)
      uri (>= 0.13.1)
    base64 (0.3.0)
    benchmark (0.4.1)
    bigdecimal (3.2.3)
    concurrent-ruby (1.3.5)
    connection_pool (2.5.4)
    diff-lcs (1.6.2)
    drb (2.2.3)
    gibberish (2.1.1)
    i18n (1.14.7)
      concurrent-ruby (~> 1.0)
    json (2.15.0)
    logger (1.7.0)
    minitest (5.25.5)
    multi_json (1.17.0)
    mustermann (2.0.2)
      ruby2_keywords (~> 0.0.1)
    mysql2 (0.5.7)
      bigdecimal
    nio4r (2.7.4)
    pg (1.6.2)
    pg (1.6.2-x86_64-linux)
    puma (5.6.9)
      nio4r (~> 2.0)
    rack (2.2.20)
    rack-protection (2.2.4)
      rack
    rack-test (0.6.3)
      rack (>= 1.0)
    rake (12.3.3)
    require_all (3.0.0)
    rspec (3.13.1)
      rspec-core (~> 3.13.0)
      rspec-expectations (~> 3.13.0)
      rspec-mocks (~> 3.13.0)
    rspec-core (3.13.5)
      rspec-support (~> 3.13.0)
    rspec-expectations (3.13.5)
      diff-lcs (>= 1.2.0, < 2.0)
      rspec-support (~> 3.13.0)
    rspec-mocks (3.13.5)
      diff-lcs (>= 1.2.0, < 2.0)
      rspec-support (~> 3.13.0)
    rspec-support (3.13.6)
    ruby2_keywords (0.0.5)
    securerandom (0.4.1)
    sinatra (2.2.4)
      mustermann (~> 2.0)
      rack (~> 2.2)
      rack-protection (= 2.2.4)
      tilt (~> 2.0)
    sinatra-activerecord (2.0.28)
      activerecord (>= 4.1)
      sinatra (>= 1.0)
    sinatra-contrib (2.2.4)
      multi_json
      mustermann (~> 2.0)
      rack-protection (= 2.2.4)
      sinatra (= 2.2.4)
      tilt (~> 2.0)
    sqlite3 (2.7.4-x86_64-linux-gnu)
    tilt (2.6.1)
    timeout (0.4.3)
    tzinfo (2.0.6)
      concurrent-ruby (~> 1.0)
    uri (1.0.4)

PLATFORMS
  x86_64-linux

DEPENDENCIES
  activerecord (~> 8.0)
  activesupport (~> 8.0)
  gibberish (~> 2.1)
  json (~> 2.1)
  mysql2 (~> 0.5)
  pg (~> 1.2)
  puma (~> 5.6, >= 5.6.5)
  rack (>= 2.0.6)
  rack-test (~> 0.6.3)
  rake (~> 12.3, >= 12.3.1)
  require_all (~> 3.0)
  rspec (~> 3.11)
  sinatra (~> 2.0, >= 2.0.4)
  sinatra-activerecord (~> 2.0, >= 2.0.23)
  sinatra-contrib (~> 2.0, >= 2.0.4)
  sqlite3 (~> 2.7.4)

BUNDLED WITH
   2.4.10
